PATH
  remote: ../rulers
  specs:
    rulers (0.2.0)
      rack (~> 1.6.4)

GEM
  remote: https://rubygems.org/
  specs:
    rack (1.6.4)

PLATFORMS
  ruby

DEPENDENCIES
  rulers!

BUNDLED WITH
   1.10.6
